GEM
  remote: https://rubygems.org/
  specs:
    byebug (9.0.5)
    rake (11.2.2)

PLATFORMS
  ruby

DEPENDENCIES
  byebug
  rake

BUNDLED WITH
   1.12.5
